GEM
  remote: https://rubygems.org/
  specs:
    diff-lcs (1.3)
    pg (0.21.0)
    rack (2.0.3)
    roda (3.0.0)
      rack
    rspec (3.6.0)
      rspec-core (~> 3.6.0)
      rspec-expectations (~> 3.6.0)
      rspec-mocks (~> 3.6.0)
    rspec-core (3.6.0)
      rspec-support (~> 3.6.0)
    rspec-expectations (3.6.0)
      diff-lcs (>= 1.2.0, < 2.0)
      rspec-support (~> 3.6.0)
    rspec-mocks (3.6.0)
      diff-lcs (>= 1.2.0, < 2.0)
      rspec-support (~> 3.6.0)
    rspec-support (3.6.0)
    sequel (5.1.0)

PLATFORMS
  ruby

DEPENDENCIES
  pg
  roda
  rspec
  sequel

BUNDLED WITH
   1.15.4
